GEM
  specs:
    stringex (2.1.2)
    thor (0.18.1)

PLATFORMS
  ruby

DEPENDENCIES
  stringex
  thor
